GIT
  remote: https://github.com/jrochkind/ipaddr_range_set
  revision: 90ac6fc2b524f23fc9779bdde8825f3b66970dbc
  specs:
    ipaddr_range_set (0.9.1)

PATH
  remote: .
  specs:
    institutions (0.0.1)
      require_all

GEM
  remote: https://rubygems.org/
  specs:
    rake (0.9.2.2)
    require_all (1.2.1)

PLATFORMS
  ruby

DEPENDENCIES
  institutions!
  ipaddr_range_set!
  rake
