PATH
  remote: .
  specs:
    institutions (0.0.1)
      require_all

GEM
  remote: https://rubygems.org/
  specs:
    rake (0.9.2.2)
    require_all (1.2.1)

PLATFORMS
  ruby

DEPENDENCIES
  institutions!
  rake
