GIT
  remote: https://github.com/jrochkind/ipaddr_range_set
  revision: 90ac6fc2b524f23fc9779bdde8825f3b66970dbc
  specs:
    ipaddr_range_set (0.9.1)

PATH
  remote: .
  specs:
    institutions (0.0.1)
      git
      rake
      rdoc
      require_all

GEM
  remote: https://rubygems.org/
  specs:
    git (1.2.5)
    json (1.7.5)
    rake (0.9.2.2)
    rdoc (3.12)
      json (~> 1.4)
    require_all (1.2.1)

PLATFORMS
  ruby

DEPENDENCIES
  institutions!
  ipaddr_range_set!
